GEM
  remote: https://rubygems.org/
  specs:
    addressable (2.6.0)
      public_suffix (>= 2.0.2, < 4.0)
    faraday (0.15.4)
      multipart-post (>= 1.2, < 3)
    jruby-openssl (0.10.4-java)
    looker-sdk (0.0.6)
      faraday (>= 0.9.0, < 1.0)
      sawyer (~> 0.8)
    multipart-post (2.1.1)
    public_suffix (3.1.1)
    sawyer (0.8.2)
      addressable (>= 2.3.5)
      faraday (> 0.8, < 2.0)

PLATFORMS
  java

DEPENDENCIES
  jruby-openssl (= 0.10.4)
  looker-sdk

BUNDLED WITH
   2.0.2
